GIT
  remote: git://github.com/galetahub/simple-captcha.git
  revision: b8493942e9a9bb58c58712fa21d41963330da6aa
  specs:
    simple_captcha (0.1.1)

GIT
  remote: git://github.com/rails/exception_notification.git
  revision: 192a49a02d63d28b23ed41cebadfedd490929cf1
  specs:
    exception_notification (1.0.0)

PATH
  remote: vendor/plugins/rubycas-client-rails
  specs:
    rubycas-client-rails (0.0.1)
      rails (>= 3.0.0)
      rubycas-client (>= 2.1.0)

GEM
  remote: http://rubygems.org/
  remote: http://gems.github.com/
  specs:
    POpen4 (0.1.4)
      Platform (>= 0.4.0)
      open4
    Platform (0.4.0)
    aaronh-chronic (0.3.9)
    aasm (2.2.0)
    abstract (1.0.0)
    actionmailer (3.0.3)
      actionpack (= 3.0.3)
      mail (~> 2.2.9)
    actionpack (3.0.3)
      activemodel (= 3.0.3)
      activesupport (= 3.0.3)
      builder (~> 2.1.2)
      erubis (~> 2.6.6)
      i18n (~> 0.4)
      rack (~> 1.2.1)
      rack-mount (~> 0.6.13)
      rack-test (~> 0.5.6)
      tzinfo (~> 0.3.23)
    activemodel (3.0.3)
      activesupport (= 3.0.3)
      builder (~> 2.1.2)
      i18n (~> 0.4)
    activerecord (3.0.3)
      activemodel (= 3.0.3)
      activesupport (= 3.0.3)
      arel (~> 2.0.2)
      tzinfo (~> 0.3.23)
    activeresource (3.0.3)
      activemodel (= 3.0.3)
      activesupport (= 3.0.3)
    activesupport (3.0.3)
    acts-as-taggable-on (2.0.6)
    acts_as_commentable (3.0.1)
    acts_as_favorite (0.1.2)
    addressable (2.2.2)
    ajaxful_rating (2.2.8.2)
    arel (2.0.10)
    aws-s3 (0.6.2)
      builder
      mime-types
      xml-simple
    aws-ses (0.4.2)
      builder
      builder
      mail (~> 2.2.5)
      mime-types
      mime-types
      xml-simple
      xml-simple
    backgroundrb-rails3 (1.1.3)
      chronic (>= 0.2.3)
      packet (>= 0.1.15)
      rails (>= 3.0.0)
    backup (3.0.11)
      thor (~> 0.14.6)
    backup-task (0.2.0)
      backup (~> 3.0.9)
    builder (2.1.2)
    capistrano (2.5.19)
      highline
      net-scp (>= 1.0.0)
      net-sftp (>= 2.0.0)
      net-ssh (>= 2.0.14)
      net-ssh-gateway (>= 1.0.0)
    chronic (0.3.0)
    closure-compiler (1.1.1)
    configatron (2.6.4)
      yamler (>= 0.1.0)
    contacts (1.2.4)
      gdata (= 1.1.1)
      json (>= 0.4.1)
    daemons (1.1.2)
    daemons-mikehale (1.0.14)
    dalli (1.0.4)
    delayed_job (2.1.4)
      activesupport (~> 3.0)
      daemons
    domainatrix (0.0.7)
      addressable
    erubis (2.6.6)
      abstract (>= 1.0.0)
    escape (0.0.4)
    eventmachine (0.12.10)
    faker (0.9.4)
      i18n (~> 0.4)
    fastercsv (1.5.4)
    gdata (1.1.1)
    gemcutter (0.6.1)
    geokit (1.5.0)
    geonames (0.2.2)
    git-deploy (0.4.1)
      capistrano (~> 2.5.9)
    highline (1.6.1)
    hpricot (0.8.3)
    i18n (0.5.0)
    jammit (0.6.0)
      closure-compiler (>= 0.1.0)
      yui-compressor (>= 0.9.1)
    jquery-rails (0.2.6)
      rails (~> 3.0)
      thor (~> 0.14.4)
    json (1.4.6)
    json (1.4.6-x86-mingw32)
    juggernaut (2.0.1)
      redis
    mail (2.2.19)
      activesupport (>= 2.3.6)
      i18n (>= 0.4.0)
      mime-types (~> 1.16)
      treetop (~> 1.4.8)
    mime-types (1.16)
    mysql2 (0.2.6)
    mysql2 (0.2.6-x86-mingw32)
    net-scp (1.0.4)
      net-ssh (>= 1.99.1)
    net-sftp (2.0.5)
      net-ssh (>= 2.0.9)
    net-ssh (2.0.24)
    net-ssh-gateway (1.0.1)
      net-ssh (>= 1.99.1)
    newrelic_rpm (3.0.1)
    nokogiri (1.4.4)
    nokogiri (1.4.4-x86-mingw32)
    open4 (1.0.1)
    packet (0.1.15)
    paperclip (2.3.8)
      activerecord
      activesupport
    polyglot (0.3.1)
    pr_geohash (1.0.0)
    rack (1.2.3)
    rack-mount (0.6.14)
      rack (>= 1.0.0)
    rack-test (0.5.7)
      rack (>= 1.0)
    rails (3.0.3)
      actionmailer (= 3.0.3)
      actionpack (= 3.0.3)
      activerecord (= 3.0.3)
      activeresource (= 3.0.3)
      activesupport (= 3.0.3)
      bundler (~> 1.0)
      railties (= 3.0.3)
    railties (3.0.3)
      actionpack (= 3.0.3)
      activesupport (= 3.0.3)
      rake (>= 0.8.7)
      thor (~> 0.14.4)
    rake (0.9.2)
    redis (2.1.1)
    rest-open-uri (1.0.0)
    riddle (1.2.2)
    rpm_contrib (2.1.2)
      newrelic_rpm (>= 3.0.0)
    rsolr (0.12.1)
      builder (>= 2.1.2)
    ruby-mp3info (0.6.13)
    rubycas-client (2.2.1)
      activesupport
    sunspot (1.2.1)
      escape (= 0.0.4)
      pr_geohash (~> 1.0)
      rsolr (= 0.12.1)
    sunspot_index_queue (1.1.1)
      sunspot (>= 1.1.0)
    sunspot_plus (0.3.2)
    sunspot_rails (1.2.1)
      nokogiri
      sunspot (= 1.2.1)
    thor (0.14.6)
    timeliness (0.3.3)
    treetop (1.4.9)
      polyglot (>= 0.3.1)
    truncate_html (0.5.1)
    tzinfo (0.3.28)
    validates_timeliness (3.0.5)
      timeliness (~> 0.3.2)
    whenever (0.6.7)
      aaronh-chronic (>= 0.3.9)
      activesupport (>= 2.3.4)
    will_paginate (3.0.pre2)
    xml-simple (1.0.12)
    yamler (0.1.0)
    yui-compressor (0.9.6)
      POpen4 (>= 0.1.4)

PLATFORMS
  ruby
  x86-mingw32

DEPENDENCIES
  aasm (= 2.2.0)
  activerecord (>= 3.0.3)
  acts-as-taggable-on
  acts_as_commentable
  acts_as_favorite
  ajaxful_rating
  aws-s3
  aws-ses
  backgroundrb-rails3
  backup-task
  capistrano
  chronic
  configatron
  contacts
  daemons-mikehale
  dalli
  delayed_job
  domainatrix
  eventmachine
  exception_notification!
  faker
  fastercsv
  gemcutter
  geokit
  geonames
  git-deploy
  hpricot
  i18n (= 0.5.0)
  jammit
  jquery-rails (>= 0.2.6)
  json
  juggernaut
  mysql2 (< 0.3)
  newrelic_rpm
  packet
  paperclip (~> 2.3)
  rack
  rails (= 3.0.3)
  rake (>= 0.8.7)
  rest-open-uri
  riddle (>= 1.2.1)
  rpm_contrib
  ruby-mp3info
  rubycas-client
  rubycas-client-rails!
  simple_captcha!
  sunspot_index_queue
  sunspot_plus
  sunspot_rails (~> 1.2.1)
  truncate_html
  validates_timeliness (~> 3.0.2)
  whenever
  will_paginate (~> 3.0.pre2)
