GIT
  remote: git://github.com/freelancing-god/thinking-sphinx.git
  revision: 92277757cd4c95520e298a2375b6f2482ece0ce6
  branch: rails3
  specs:
    thinking-sphinx (2.0.2)
      activerecord (>= 3.0.3)
      riddle (>= 1.2.2)

GIT
  remote: http://github.com/mislav/will_paginate.git
  revision: b1a5beeec9f56ecbe3594fcdca76d92b6767ce50
  branch: rails3
  specs:
    will_paginate (3.0.pre3)

GEM
  remote: http://rubygems.org/
  remote: http://gems.github.com/
  specs:
    aasm (2.2.0)
    abstract (1.0.0)
    actionmailer (3.0.3)
      actionpack (= 3.0.3)
      mail (~> 2.2.9)
    actionpack (3.0.3)
      activemodel (= 3.0.3)
      activesupport (= 3.0.3)
      builder (~> 2.1.2)
      erubis (~> 2.6.6)
      i18n (~> 0.4)
      rack (~> 1.2.1)
      rack-mount (~> 0.6.13)
      rack-test (~> 0.5.6)
      tzinfo (~> 0.3.23)
    activemodel (3.0.3)
      activesupport (= 3.0.3)
      builder (~> 2.1.2)
      i18n (~> 0.4)
    activerecord (3.0.3)
      activemodel (= 3.0.3)
      activesupport (= 3.0.3)
      arel (~> 2.0.2)
      tzinfo (~> 0.3.23)
    activeresource (3.0.3)
      activemodel (= 3.0.3)
      activesupport (= 3.0.3)
    activesupport (3.0.3)
    acts-as-taggable-on (2.0.6)
    acts_as_commentable (3.0.1)
    acts_as_favorite (0.1.2)
    addressable (2.2.2)
    ajaxful_rating (2.2.8.2)
    arel (2.0.7)
    builder (2.1.2)
    capistrano (2.5.19)
      highline
      net-scp (>= 1.0.0)
      net-sftp (>= 2.0.0)
      net-ssh (>= 2.0.14)
      net-ssh-gateway (>= 1.0.0)
    configatron (2.6.4)
      yamler (>= 0.1.0)
    contacts (1.2.4)
      gdata (= 1.1.1)
      json (>= 0.4.1)
    domainatrix (0.0.7)
      addressable
    erubis (2.6.6)
      abstract (>= 1.0.0)
    eventmachine (0.12.10)
    faker (0.9.4)
      i18n (~> 0.4)
    fastercsv (1.5.4)
    gdata (1.1.1)
    gemcutter (0.6.1)
    geokit (1.5.0)
    highline (1.6.1)
    hpricot (0.8.3)
    i18n (0.5.0)
    json (1.4.6)
    juggernaut (2.0.1)
      redis
    mail (2.2.14)
      activesupport (>= 2.3.6)
      i18n (>= 0.4.0)
      mime-types (~> 1.16)
      treetop (~> 1.4.8)
    mime-types (1.16)
    mysql2 (0.2.6)
    net-scp (1.0.4)
      net-ssh (>= 1.99.1)
    net-sftp (2.0.5)
      net-ssh (>= 2.0.9)
    net-ssh (2.0.24)
    net-ssh-gateway (1.0.1)
      net-ssh (>= 1.99.1)
    paperclip (2.3.8)
      activerecord
      activesupport
    polyglot (0.3.1)
    rack (1.2.1)
    rack-mount (0.6.13)
      rack (>= 1.0.0)
    rack-test (0.5.7)
      rack (>= 1.0)
    rails (3.0.3)
      actionmailer (= 3.0.3)
      actionpack (= 3.0.3)
      activerecord (= 3.0.3)
      activeresource (= 3.0.3)
      activesupport (= 3.0.3)
      bundler (~> 1.0)
      railties (= 3.0.3)
    railties (3.0.3)
      actionpack (= 3.0.3)
      activesupport (= 3.0.3)
      rake (>= 0.8.7)
      thor (~> 0.14.4)
    rake (0.8.7)
    redis (2.1.1)
    rest-open-uri (1.0.0)
    riddle (1.2.2)
    right_aws (2.0.0)
      right_http_connection (>= 1.2.1)
    right_http_connection (1.2.4)
    rmagick (2.13.1)
    thor (0.14.6)
    treetop (1.4.9)
      polyglot (>= 0.3.1)
    tzinfo (0.3.23)
    yamler (0.1.0)

PLATFORMS
  ruby

DEPENDENCIES
  aasm
  activerecord (>= 3.0.3)
  acts-as-taggable-on
  acts_as_commentable
  acts_as_favorite
  ajaxful_rating
  capistrano
  configatron
  contacts
  domainatrix
  eventmachine
  faker
  fastercsv
  gemcutter
  geokit
  hpricot
  json
  juggernaut
  mysql2
  paperclip (~> 2.3)
  rails (= 3.0.3)
  rest-open-uri
  riddle (>= 1.2.1)
  right_aws
  rmagick
  thinking-sphinx!
  will_paginate!
