GIT
  remote: git://github.com/rails/exception_notification.git
  revision: 192a49a02d63d28b23ed41cebadfedd490929cf1
  specs:
    exception_notification (1.0.0)

GIT
  remote: https://github.com/agentrock/contacts.git
  revision: 1396bef975e3d8cce883f65b2bac9620f3e4532f
  specs:
    contacts (1.2.4)
      json (>= 1.1.1)

GIT
  remote: https://github.com/agentrock/gdata.git
  revision: 271d0b49d7dbe97b16969f06104f3e91022c40bc
  specs:
    gdata (1.1.1)

PATH
  remote: vendor/plugins/rubycas-client-rails
  specs:
    rubycas-client-rails (0.0.1)
      rails (>= 3.0.0)
      rubycas-client (>= 2.1.0)

GEM
  remote: http://rubygems.org/
  remote: http://gems.github.com/
  specs:
    POpen4 (0.1.4)
      Platform (>= 0.4.0)
      open4
    Platform (0.4.0)
    aasm (2.2.0)
    abstract (1.0.0)
    actionmailer (3.0.3)
      actionpack (= 3.0.3)
      mail (~> 2.2.9)
    actionpack (3.0.3)
      activemodel (= 3.0.3)
      activesupport (= 3.0.3)
      builder (~> 2.1.2)
      erubis (~> 2.6.6)
      i18n (~> 0.4)
      rack (~> 1.2.1)
      rack-mount (~> 0.6.13)
      rack-test (~> 0.5.6)
      tzinfo (~> 0.3.23)
    active_reload (0.6.1)
    activemodel (3.0.3)
      activesupport (= 3.0.3)
      builder (~> 2.1.2)
      i18n (~> 0.4)
    activerecord (3.0.3)
      activemodel (= 3.0.3)
      activesupport (= 3.0.3)
      arel (~> 2.0.2)
      tzinfo (~> 0.3.23)
    activeresource (3.0.3)
      activemodel (= 3.0.3)
      activesupport (= 3.0.3)
    activesupport (3.0.3)
    acts-as-taggable-on (2.1.1)
      rails
    acts_as_commentable (3.0.1)
    acts_as_favorite (0.1.2)
    addressable (2.2.6)
    arel (2.0.10)
    auto_strip_attributes (1.1)
      activerecord (>= 3.0)
    aws-s3 (0.6.2)
      builder
      mime-types
      xml-simple
    aws-ses (0.4.3)
      builder
      mail (> 2.2.5)
      mime-types
      xml-simple
    backup (3.0.19)
      popen4 (~> 0.1.2)
      thor (~> 0.14.6)
    backup-task (0.2.0)
      backup (~> 3.0.9)
    builder (2.1.2)
    business_time (0.3.1)
      activesupport (>= 2.0.0)
    capistrano (2.9.0)
      highline
      net-scp (>= 1.0.0)
      net-sftp (>= 2.0.0)
      net-ssh (>= 2.0.14)
      net-ssh-gateway (>= 1.1.0)
    chronic (0.6.4)
    cocaine (0.2.0)
    configatron (2.8.3)
      yamler (>= 0.1.0)
    daemons (1.1.4)
    daemons-mikehale (1.0.14)
    dalli (1.1.2)
    delayed_job (2.1.4)
      activesupport (~> 3.0)
      daemons
    delayed_job_admin (1.0.3)
      delayed_job
      rails
    domainatrix (0.0.10)
      addressable
    email_valid (0.0.1)
    erubis (2.6.6)
      abstract (>= 1.0.0)
    escape (0.0.4)
    eventmachine (0.12.10)
    excon (0.6.6)
    faker (1.0.1)
      i18n (~> 0.4)
    faraday (0.7.5)
      addressable (~> 2.2.6)
      multipart-post (~> 1.1.3)
      rack (>= 1.1.0, < 2)
    fastercsv (1.5.4)
    fog (0.11.0)
      builder
      excon (~> 0.6.5)
      formatador (~> 0.2.0)
      mime-types
      multi_json (~> 1.0.3)
      net-scp (~> 1.0.4)
      net-ssh (~> 2.1.4)
      nokogiri (~> 1.5.0)
      ruby-hmac
    formatador (0.2.1)
    friendly_id (4.0.0.beta14)
    galetahub-simple_captcha (0.1.1)
    gemcutter (0.7.0)
    geokit (1.6.0)
    geonames (0.2.2)
    git-deploy (0.5.1)
      net-scp
      net-ssh
      thor
    haml (3.1.3)
    hashie (1.1.0)
    highline (1.6.2)
    hpricot (0.8.4)
    i18n (0.5.0)
    jammit (0.6.3)
      yui-compressor (>= 0.9.3)
    jquery-rails (1.0.16)
      railties (~> 3.0)
      thor (~> 0.14)
    json (1.6.1)
    juggernaut (2.0.4)
      redis
    koala (1.2.1)
      faraday (~> 0.7.0)
      multi_json (~> 1.0)
    linkedin (0.3.5)
      hashie (~> 1.1.0)
      multi_json (~> 1.0.3)
      oauth (~> 0.4.5)
    mail (2.2.19)
      activesupport (>= 2.3.6)
      i18n (>= 0.4.0)
      mime-types (~> 1.16)
      treetop (~> 1.4.8)
    mime-types (1.16)
    mini_magick (3.3)
      subexec (~> 0.1.0)
    multi_json (1.0.3)
    multipart-post (1.1.3)
    mysql2 (0.2.13)
    net-scp (1.0.4)
      net-ssh (>= 1.99.1)
    net-sftp (2.0.5)
      net-ssh (>= 2.0.9)
    net-ssh (2.1.4)
    net-ssh-gateway (1.1.0)
      net-ssh (>= 1.99.1)
    newrelic_rpm (3.2.0)
    nokogiri (1.5.0)
    nokogiri (1.5.0-x86-mingw32)
    oauth (0.4.5)
    oauth-plugin (0.4.0.rc1)
      multi_json
      oauth (~> 0.4.4)
      oauth2
      rack
    oauth2 (0.5.1)
      faraday (~> 0.7.4)
      multi_json (~> 1.0.3)
    open4 (1.2.0)
    packet (0.1.15)
    paperclip (2.4.5)
      activerecord (>= 2.3.0)
      activesupport (>= 2.3.2)
      cocaine (>= 0.0.2)
      mime-types
    polyglot (0.3.2)
    popen4 (0.1.2)
      Platform (>= 0.4.0)
      open4 (>= 0.4.0)
    pr_geohash (1.0.0)
    rabl (0.5.0)
      activesupport (>= 2.3.14)
      multi_json (~> 1.0.3)
    rack (1.2.4)
    rack-mount (0.6.14)
      rack (>= 1.0.0)
    rack-test (0.5.7)
      rack (>= 1.0)
    rails (3.0.3)
      actionmailer (= 3.0.3)
      actionpack (= 3.0.3)
      activerecord (= 3.0.3)
      activeresource (= 3.0.3)
      activesupport (= 3.0.3)
      bundler (~> 1.0)
      railties (= 3.0.3)
    railties (3.0.3)
      actionpack (= 3.0.3)
      activesupport (= 3.0.3)
      rake (>= 0.8.7)
      thor (~> 0.14.4)
    rake (0.9.2)
    redis (2.2.2)
    rest-open-uri (1.0.0)
    riddle (1.4.0)
    rpm_contrib (2.1.4)
      newrelic_rpm (>= 3.1.1)
    rsolr (0.12.1)
      builder (>= 2.1.2)
    ruby-hmac (0.4.0)
    ruby-mp3info (0.6.15)
    rubycas-client (2.2.1)
      activesupport
    subexec (0.1.0)
    sunspot (1.2.1)
      escape (= 0.0.4)
      pr_geohash (~> 1.0)
      rsolr (= 0.12.1)
    sunspot-rails-http-basic-auth (0.0.2)
      sunspot_rails (~> 1.2.1)
    sunspot_index_queue (1.1.2)
      sunspot (>= 1.1.0)
    sunspot_plus (0.3.2)
    sunspot_rails (1.2.1)
      nokogiri
      sunspot (= 1.2.1)
    thor (0.14.6)
    timeliness (0.3.4)
    treetop (1.4.10)
      polyglot
      polyglot (>= 0.3.1)
    truncate_html (0.5.1)
    tzinfo (0.3.30)
    validates_timeliness (3.0.7)
      timeliness (~> 0.3.3)
    whenever (0.7.0)
      activesupport (>= 2.3.4)
      chronic (~> 0.6.3)
    will_paginate (3.0.pre2)
    xml-simple (1.1.1)
    yamler (0.1.0)
    yui-compressor (0.9.6)
      POpen4 (>= 0.1.4)

PLATFORMS
  ruby
  x86-mingw32

DEPENDENCIES
  aasm (= 2.2.0)
  active_reload
  activerecord (>= 3.0.3)
  acts-as-taggable-on
  acts_as_commentable
  acts_as_favorite
  auto_strip_attributes
  aws-s3
  aws-ses
  backup
  backup-task
  business_time
  capistrano
  chronic
  configatron
  contacts!
  daemons-mikehale
  dalli
  delayed_job
  delayed_job_admin
  domainatrix
  email_valid
  eventmachine
  exception_notification!
  faker
  fastercsv
  fog (~> 0.11.0)
  friendly_id (~> 4.0.0.beta8)
  galetahub-simple_captcha
  gdata!
  gemcutter
  geokit
  geonames
  git-deploy
  haml
  hpricot
  i18n (= 0.5.0)
  jammit
  jquery-rails (>= 0.2.6)
  json
  juggernaut (~> 2.0.3)
  koala (~> 1.2.0beta)
  linkedin
  mini_magick
  mysql2 (< 0.3)
  net-ssh (= 2.1.4)
  newrelic_rpm
  oauth
  oauth-plugin (>= 0.4.0.pre6)
  packet
  paperclip (~> 2.3)
  rabl
  rack
  rails (= 3.0.3)
  rake (= 0.9.2)
  rest-open-uri
  riddle (>= 1.2.1)
  rpm_contrib
  ruby-mp3info
  rubycas-client (~> 2.2.1)
  rubycas-client-rails!
  sunspot-rails-http-basic-auth (~> 0.0.2)
  sunspot_index_queue
  sunspot_plus
  sunspot_rails (~> 1.2.1)
  truncate_html
  validates_timeliness (~> 3.0.2)
  whenever
  will_paginate (= 3.0.pre2)
